GEM
  remote: https://rubygems.org/
  specs:
    rake (10.3.1)
    redcarpet (3.1.1)

PLATFORMS
  ruby

DEPENDENCIES
  rake
  redcarpet
